GEM
  remote: http://rubygems.org/
  specs:
    activemodel (3.2.10)
      activesupport (= 3.2.10)
      builder (~> 3.0.0)
    activerecord (3.2.10)
      activemodel (= 3.2.10)
      activesupport (= 3.2.10)
      arel (~> 3.0.2)
      tzinfo (~> 0.3.29)
    activesupport (3.2.10)
      i18n (~> 0.6)
      multi_json (~> 1.0)
    arel (3.0.2)
    bcrypt-ruby (3.0.1)
    builder (3.0.4)
    haml (3.1.7)
    hashie (1.2.0)
    i18n (0.6.1)
    multi_json (1.5.0)
    omniauth (1.1.1)
      hashie (~> 1.2)
      rack
    omniauth-identity (1.1.0)
      bcrypt-ruby (~> 3.0)
      omniauth (~> 1.0)
    rack (1.4.1)
    rack-protection (1.3.2)
      rack
    sinatra (1.3.3)
      rack (~> 1.3, >= 1.3.6)
      rack-protection (~> 1.2)
      tilt (~> 1.3, >= 1.3.3)
    sinatra-activerecord (1.2.0)
      activerecord (~> 3.0)
      sinatra (~> 1.0)
    sqlite3 (1.3.6)
    sqlite3-ruby (1.3.3)
      sqlite3 (>= 1.3.3)
    tilt (1.3.3)
    tzinfo (0.3.35)

PLATFORMS
  ruby

DEPENDENCIES
  activerecord
  haml
  omniauth
  omniauth-identity
  sinatra
  sinatra-activerecord
  sqlite3-ruby
